GEM
  remote: https://rubygems.org/
  specs:
    rb-fsevent (0.9.6)
    sass (3.4.18)
    susy (2.2.6)
      sass (>= 3.3.0, < 3.5)

PLATFORMS
  ruby

DEPENDENCIES
  rb-fsevent
  sass (>= 3.4.5)
  susy (>= 2.2.6)

BUNDLED WITH
   1.10.6
